{
    "AcquisitionMatrixPE": 80,
    "AcquisitionNumber": 1,
    "AcquisitionTime": "21:35:57.740000",
    "BandwidthPerPixelPhaseEncode": 51.02,
    "BaseResolution": 80,
    "BidsGuess": [
        "func",
        "_acq-epfid2p2_dir-AP_run-14_echo-3_bold"
    ],
    "BodyPartExamined": "BRAIN",
    "CoilCombinationMethod": "Sum of Squares",
    "ConsistencyInfo": "N4_VE11E_LATEST_20181129",
    "ConversionSoftware": "dcm2niix",
    "ConversionSoftwareVersion": "v1.0.20240202",
    "DerivedVendorReportedEchoSpacing": 0.000490004,
    "DeviceSerialNumber": "166048",
    "DwellTime": 2.5e-06,
    "EchoNumber": 3,
    "EchoTime": 0.04928,
    "EchoTrainLength": 34,
    "EffectiveEchoSpacing": 0.000245002,
    "FlipAngle": 50,
    "HeudiconvVersion": "1.3.2",
    "ImageComments": "Single-band reference SENSE1+",
    "ImageOrientationPatientDICOM": [
        1,
        4.79856e-05,
        -0.000762159,
        -3.81388e-08,
        0.998027,
        0.0627858
    ],
    "ImageOrientationText": "Tra>Cor(3.6)>Sag(-0.0)",
    "ImageType": [
        "ORIGINAL",
        "PRIMARY",
        "M",
        "TE3",
        "ND",
        "NORM",
        "MOSAIC"
    ],
    "ImagingFrequency": 123.249137,
    "InPlanePhaseEncodingDirectionDICOM": "COL",
    "InstitutionAddress": "North 13th 1701,Philadelphia,PA,US,19122",
    "InstitutionName": "Temple University",
    "InstitutionalDepartmentName": "Department",
    "MRAcquisitionType": "2D",
    "MagneticFieldStrength": 3,
    "Manufacturer": "Siemens",
    "ManufacturersModelName": "Prisma",
    "MatrixCoilMode": "GRAPPA",
    "Modality": "MR",
    "NonlinearGradientCorrection": false,
    "ParallelReductionFactorInPlane": 2,
    "PartialFourier": 0.875,
    "PatientPosition": "HFS",
    "PercentPhaseFOV": 100,
    "PercentSampling": 100,
    "PhaseEncodingDirection": "j-",
    "PhaseEncodingSteps": 69,
    "PhaseResolution": 1,
    "PixelBandwidth": 2500,
    "ProcedureStepDescription": "NightOwls^CB A",
    "ProtocolName": "task-MID_run2_CMRR_MB3_IP2_ME4_TR1615",
    "PulseSequenceDetails": "%CustomerSeq%\\cmrr_mbep2d_bold",
    "ReceiveCoilActiveElements": "HE1-4",
    "ReceiveCoilName": "HeadNeck_20",
    "ReconMatrixPE": 80,
    "RefLinesPE": 58,
    "RepetitionTime": 1.615,
    "SAR": 0.0348184,
    "ScanOptions": "PFP\\FS",
    "ScanningSequence": "EP",
    "SequenceName": "epfid2d4_80",
    "SequenceVariant": "SK\\SS",
    "SeriesDescription": "task-MID_run2_CMRR_MB3_IP2_ME4_TR1615_SBRef",
    "SeriesNumber": 14,
    "ShimSetting": [
        3018,
        -11865,
        6808,
        126,
        17,
        -67,
        125,
        10
    ],
    "SliceThickness": 2.7,
    "SliceTiming": [
        4.69,
        4.595,
        4.5025,
        4.4075,
        4.315,
        4.22,
        4.1275,
        4.0325,
        3.94,
        3.845,
        3.7525,
        3.6575,
        3.565,
        3.47,
        3.3775,
        3.2825,
        3.1875,
        3.095,
        3,
        2.9075,
        2.8125,
        2.72,
        2.625,
        2.5325,
        2.4375,
        2.345,
        2.25,
        2.1575,
        2.0625,
        1.97,
        1.875,
        1.7825,
        1.6875,
        1.595,
        1.5,
        1.405,
        1.3125,
        1.2175,
        1.125,
        1.03,
        0.9375,
        0.8425,
        0.75,
        0.655,
        0.5625,
        0.4675,
        0.375,
        0.28,
        0.1875,
        0.0925,
        0
    ],
    "SoftwareVersions": "syngo MR E11",
    "SpacingBetweenSlices": 2.97,
    "StationName": "AWP166048",
    "TaskName": "mid",
    "TotalReadoutTime": 0.0193552,
    "TxRefAmp": 303.997,
    "Units": "Hz",
    "WipMemBlock": "b71210e3-4caa-480a-a63c-9995a822abb4||Sequence: R016 ve11e/master r/434b28f1; Aug  7 2019 18:53:46 by eja"
}