{
    "AcquisitionDuration": 516.692,
    "AcquisitionMatrixPE": 80,
    "AcquisitionNumber": 1,
    "AcquisitionTime": "20:04:13.385000",
    "BandwidthPerPixelPhaseEncode": 51.02,
    "BaseResolution": 80,
    "BidsGuess": [
        "func",
        "_acq-epfid2p2_dir-AP_run-21_echo-4_bold"
    ],
    "BodyPartExamined": "BRAIN",
    "CoilCombinationMethod": "Sum of Squares",
    "CoilString": "HeadNeck_20",
    "ConversionSoftware": "dcm2niix",
    "ConversionSoftwareVersion": "v1.0.20240202",
    "DerivedVendorReportedEchoSpacing": 0.000490004,
    "DeviceSerialNumber": "166048",
    "DwellTime": 2.5e-06,
    "EchoNumber": 4,
    "EchoTime": 0.06702,
    "EchoTrainLength": 34,
    "EffectiveEchoSpacing": 0.000245002,
    "FlipAngle": 50,
    "FrequencyEncodingSteps": 80,
    "HeudiconvVersion": "1.3.3",
    "ImageComments": "Not for diagnostic use, Project: Smith-NOSC, Single-band reference SENSE1++",
    "ImageOrientationPatientDICOM": [
        1,
        -3.09661e-10,
        1.31672e-08,
        -3.09661e-10,
        0.998894,
        0.047009
    ],
    "ImageType": [
        "ORIGINAL",
        "PRIMARY",
        "FMRI",
        "NONE"
    ],
    "ImageTypeText": [
        "ORIGINAL",
        "PRIMARY",
        "M",
        "TE4",
        "ND",
        "NORM"
    ],
    "ImagingFrequency": 123.249107,
    "InPlanePhaseEncodingDirectionDICOM": "COL",
    "InstitutionAddress": "North 13th 1701,Philadelphia,PA,US,19122",
    "InstitutionName": "Temple University - Weiss Hall",
    "MRAcquisitionType": "2D",
    "MTState": false,
    "MagneticFieldStrength": 3,
    "Manufacturer": "Siemens",
    "ManufacturersModelName": "MAGNETOM Prisma",
    "MatrixCoilMode": "GRAPPA",
    "Modality": "MR",
    "NonlinearGradientCorrection": false,
    "ParallelAcquisitionTechnique": "GRAPPA",
    "ParallelReductionFactorInPlane": 2,
    "PartialFourier": 0.875,
    "PartialFourierDirection": "PHASE",
    "PatientPosition": "HFS",
    "PercentPhaseFOV": 100,
    "PercentSampling": 100,
    "PhaseEncodingDirection": "j-",
    "PhaseEncodingSteps": 80,
    "PhaseResolution": 1,
    "PixelBandwidth": 2500,
    "ProtocolName": "task-MID_run2_CMRR_MB3_IP2_ME4_TR1615",
    "PulseSequenceDetails": "%CustomerSeq%\\cmrr_mbep2d_bold",
    "PulseSequenceName": "epfid2d4_80",
    "ReceiveCoilActiveElements": "HE1-4",
    "ReceiveCoilName": "HeadNeck_20",
    "ReconMatrixPE": 80,
    "RefLinesPE": 58,
    "RepetitionTime": 1.615,
    "ScanOptions": "PFP\\FS",
    "ScanningSequence": "EP",
    "SequenceVariant": "SK\\SS",
    "SeriesDescription": "task-MID_run2_CMRR_MB3_IP2_ME4_TR1615_SBRef",
    "SeriesNumber": 21,
    "ShimSetting": [
        3013,
        -11792,
        6721,
        245,
        19,
        -268,
        46,
        17
    ],
    "SliceThickness": 2.7,
    "SliceTiming": [
        30.6725,
        30.58,
        30.485,
        30.3925,
        30.2975,
        30.205,
        30.11,
        30.0175,
        29.9225,
        29.83,
        29.735,
        29.6425,
        29.5475,
        29.4525,
        29.36,
        29.265,
        29.1725,
        29.0775,
        28.985,
        28.89,
        28.7975,
        28.7025,
        28.61,
        28.515,
        28.4225,
        28.3275,
        28.235,
        28.14,
        28.0475,
        27.9525,
        27.86,
        27.765,
        27.67,
        27.5775,
        27.4825,
        27.39,
        27.295,
        27.2025,
        27.1075,
        27.015,
        26.92,
        26.8275,
        26.7325,
        26.64,
        26.545,
        26.4525,
        26.3575,
        26.265,
        26.17,
        26.075,
        25.9825
    ],
    "SoftwareVersions": "syngo MR XA60",
    "SpacingBetweenSlices": 2.97,
    "StationName": "AWP166048",
    "TaskName": "mid",
    "TotalReadoutTime": 0.0193552,
    "TxRefAmp": 269.567,
    "Units": "Hz",
    "WipMemBlock": "3b75d627-0003-41c5-8af2-046b7c3d27a9||Sequence: R017 nxva60a/main r/452845729; Apr 24 2025 10:56:00 by eja"
}