{
    "AcquisitionMatrixPE": 80,
    "AcquisitionNumber": 1,
    "AcquisitionTime": "20:31:5.410000",
    "BandwidthPerPixelPhaseEncode": 51.02,
    "BaseResolution": 80,
    "BidsGuess": [
        "func",
        "_acq-epfid2p2_dir-AP_run-12_echo-4_bold"
    ],
    "BodyPartExamined": "BRAIN",
    "CoilCombinationMethod": "Sum of Squares",
    "CoilString": "HeadNeck_20",
    "ConversionSoftware": "dcm2niix",
    "ConversionSoftwareVersion": "v1.0.20240202",
    "DerivedVendorReportedEchoSpacing": 0.000490004,
    "DeviceSerialNumber": "166048",
    "DwellTime": 2.5e-06,
    "EchoNumber": 4,
    "EchoTime": 0.06702,
    "EchoTrainLength": 34,
    "EffectiveEchoSpacing": 0.000245002,
    "FlipAngle": 50,
    "FrequencyEncodingSteps": 80,
    "HeudiconvVersion": "1.3.2",
    "ImageComments": "Project: Smith-NOSC, Unaliased MB3/PE4/LB SENSE1++",
    "ImageOrientationPatientDICOM": [
        1,
        -8.08659e-10,
        1.57844e-08,
        -8.08659e-10,
        0.994764,
        0.102195
    ],
    "ImageType": [
        "ORIGINAL",
        "PRIMARY",
        "FMRI",
        "NONE"
    ],
    "ImageTypeText": [
        "ORIGINAL",
        "PRIMARY",
        "M",
        "MB",
        "TE4",
        "NORM",
        "DIS2D"
    ],
    "ImagingFrequency": 123.249055,
    "InPlanePhaseEncodingDirectionDICOM": "COL",
    "InstitutionAddress": "North 13th 1701,Philadelphia,PA,US,19122",
    "InstitutionName": "Temple University - Weiss Hall",
    "MRAcquisitionType": "2D",
    "MTState": false,
    "MagneticFieldStrength": 3,
    "Manufacturer": "Siemens",
    "ManufacturersModelName": "MAGNETOM Prisma",
    "MatrixCoilMode": "GRAPPA",
    "Modality": "MR",
    "MultibandAccelerationFactor": 3,
    "NonlinearGradientCorrection": true,
    "ParallelAcquisitionTechnique": "GRAPPA",
    "ParallelReductionFactorInPlane": 2,
    "PartialFourier": 0.875,
    "PartialFourierDirection": "PHASE",
    "PatientPosition": "HFS",
    "PercentPhaseFOV": 100,
    "PercentSampling": 100,
    "PhaseEncodingDirection": "j-",
    "PhaseEncodingSteps": 80,
    "PhaseResolution": 1,
    "PixelBandwidth": 2500,
    "ProtocolName": "task-SharedReward_run1_CMRR_MB3_IP2_ME4_TR1615",
    "PulseSequenceDetails": "%CustomerSeq%\\cmrr_mbep2d_bold",
    "PulseSequenceName": "epfid2d4_80",
    "ReceiveCoilActiveElements": "HE1-4;NE1,2",
    "ReceiveCoilName": "HeadNeck_20",
    "ReconMatrixPE": 80,
    "RefLinesPE": 58,
    "RepetitionTime": 1.615,
    "ScanOptions": "PFP\\FS",
    "ScanningSequence": "EP",
    "SequenceVariant": "SK\\SS",
    "SeriesDescription": "task-SharedReward_run1_CMRR_MB3_IP2_ME4_TR1615",
    "SeriesNumber": 12,
    "ShimSetting": [
        3022,
        -11802,
        6752,
        42,
        41,
        -214,
        106,
        47
    ],
    "SliceThickness": 2.7,
    "SliceTiming": [
        0,
        0.845,
        0.095,
        0.94,
        0.1875,
        1.0325,
        0.2825,
        1.1275,
        0.3775,
        1.22,
        0.47,
        1.315,
        0.565,
        1.4075,
        0.6575,
        1.5025,
        0.7525,
        0,
        0.845,
        0.095,
        0.94,
        0.1875,
        1.0325,
        0.2825,
        1.1275,
        0.3775,
        1.22,
        0.47,
        1.315,
        0.565,
        1.4075,
        0.6575,
        1.5025,
        0.7525,
        0,
        0.845,
        0.095,
        0.94,
        0.1875,
        1.0325,
        0.2825,
        1.1275,
        0.3775,
        1.22,
        0.47,
        1.315,
        0.565,
        1.4075,
        0.6575,
        1.5025,
        0.7525
    ],
    "SoftwareVersions": "syngo MR XA30",
    "SpacingBetweenSlices": 2.97,
    "StationName": "AWP166048",
    "TaskName": "sharedreward",
    "TotalReadoutTime": 0.0193552,
    "TxRefAmp": 297.625,
    "Units": "Hz",
    "WipMemBlock": "58f77793-dfbd-41ae-95af-5cf7042021c2||Sequence: R017 nxva30a/master r/d8d65e45a; Feb 10 2025 13:35:02 by eja"
}