{
  "AcquisitionDuration": 303.897,
  "AcquisitionMatrixPE": 224,
  "AcquisitionNumber": 1,
  "AcquisitionTime": "19:45:21.187500",
  "BaseResolution": 224,
  "BidsGuess": [
    "anat",
    "_acq-tfl3p2_run-15_T1w"
],
  "BodyPartExamined": "BRAIN",
  "CoilCombinationMethod": "Adaptive Combine",
  "CoilString": "HeadNeck_20",
  "ConversionSoftware": "dcm2niix",
  "ConversionSoftwareVersion": "v1.0.20240202",
  "DeviceSerialNumber": "166048",
  "DwellTime": 1.06e-05,
  "EchoTime": 0.00217,
  "FlipAngle": 8,
  "FrequencyEncodingSteps": 224,
  "HeudiconvVersion": "1.3.3",
  "ImageComments": "Project: Smith-NOSC",
  "ImageOrientationPatientDICOM": [1, -9.01567e-10, 1.57793e-08, -9.01567e-10, 0.993492, 0.1139],
  "ImageType": [
    "ORIGINAL",
    "PRIMARY",
    "M",
    "NONE"
],
  "ImageTypeText": [
    "ORIGINAL",
    "PRIMARY",
    "M",
    "NORM",
    "DIS2D",
    "FM3",
 "2",
    "FIL"
],
  "ImagingFrequency": 123.24917,
  "InPlanePhaseEncodingDirectionDICOM": "COL",
  "InstitutionAddress": "North 13th 1701,Philadelphia,PA,US,19122",
  "InstitutionName": "Temple University - Weiss Hall",
  "InversionTime": 1.15,
  "MRAcquisitionType": "3D",
  "MTState": false,
  "MagneticFieldStrength": 3,
  "Manufacturer": "Siemens",
  "ManufacturersModelName": "MAGNETOM Prisma",
  "MatrixCoilMode": "GRAPPA",
  "Modality": "MR",
  "NonlinearGradientCorrection": true,
  "ParallelAcquisitionTechnique": "GRAPPA",
  "ParallelReductionFactorInPlane": 2,
  "PartialFourier": 1,
  "PatientPosition": "HFS",
  "PercentPhaseFOV": 100,
  "PercentSampling": 100,
  "PhaseEncodingSteps": 224,
  "PhaseEncodingStepsOutOfPlane": 192,
  "PhaseResolution": 1,
  "PixelBandwidth": 211,
  "ProtocolName": "T1w-anat_mpg_07sag_iso_Mood-Induction",
  "PulseSequenceDetails": "%SiemensSeq%\\tfl",
  "PulseSequenceName": "*tfl3d1_16ns",
  "ReceiveCoilActiveElements": "HE1-4",
  "ReceiveCoilName": "HeadNeck_20",
  "ReconMatrixPE": 224,
  "RefLinesPE": 32,
  "RepetitionTime": 2.4,
  "ScanOptions": "IR\\WE",
  "ScanningSequence": "GR\\IR",
  "SequenceVariant": "SK\\SP\\MP",
  "SeriesDescription": "T1w-anat_mpg_07sag_iso_Mood-Induction",
  "SeriesNumber": 15,
  "ShimSetting": [3023, -11889, 6796, 654, -4, -344, 279, -27],
  "SliceThickness": 1,
  "SoftwareVersions": "syngo MR XA30",
  "StationName": "AWP166048",
  "TxRefAmp": 255.249}