{
    "AcquisitionMatrixPE": 80,
    "AcquisitionNumber": 1,
    "AcquisitionTime": "21:24:12.355000",
    "BandwidthPerPixelPhaseEncode": 51.02,
    "BaseResolution": 80,
    "BidsGuess": [
        "func",
        "_acq-epfid2p2m3_dir-AP_run-22_echo-4_part-phase_bold"
    ],
    "BodyPartExamined": "BRAIN",
    "CoilCombinationMethod": "Sum of Squares",
    "ConsistencyInfo": "N4_VE11E_LATEST_20181129",
    "ConversionSoftware": "dcm2niix",
    "ConversionSoftwareVersion": "v1.0.20240202",
    "DerivedVendorReportedEchoSpacing": 0.000490004,
    "DeviceSerialNumber": "166048",
    "DwellTime": 2.5e-06,
    "EchoNumber": 4,
    "EchoTime": 0.06702,
    "EchoTime1": 0.0138,
    "EchoTime2": 0.03154,
    "EchoTrainLength": 34,
    "EffectiveEchoSpacing": 0.000245002,
    "FlipAngle": 50,
    "HeudiconvVersion": "1.3.2",
    "ImageComments": "Unaliased MB3/PE4/LB SENSE1+",
    "ImageOrientationPatientDICOM": [
        1,
        0,
        0,
        0,
        0.993373,
        0.114937
    ],
    "ImageOrientationText": "Tra>Cor(6.6)",
    "ImageType": [
        "ORIGINAL",
        "PRIMARY",
        "P",
        "MB",
        "TE4",
        "ND",
        "MOSAIC",
        "PHASE"
    ],
    "ImagingFrequency": 123.24922,
    "InPlanePhaseEncodingDirectionDICOM": "COL",
    "InstitutionAddress": "North 13th 1701,Philadelphia,PA,US,19122",
    "InstitutionName": "Temple University",
    "InstitutionalDepartmentName": "Department",
    "MRAcquisitionType": "2D",
    "MagneticFieldStrength": 3,
    "Manufacturer": "Siemens",
    "ManufacturersModelName": "Prisma",
    "MatrixCoilMode": "GRAPPA",
    "Modality": "MR",
    "MultibandAccelerationFactor": 3,
    "NonlinearGradientCorrection": false,
    "ParallelReductionFactorInPlane": 2,
    "PartialFourier": 0.875,
    "PatientPosition": "HFS",
    "PercentPhaseFOV": 100,
    "PercentSampling": 100,
    "PhaseEncodingDirection": "j-",
    "PhaseEncodingSteps": 69,
    "PhaseResolution": 1,
    "PixelBandwidth": 2500,
    "ProcedureStepDescription": "NightOwls^CB A",
    "ProtocolName": "resting-state_CMRR_MB3_IP2_ME4_TR1615",
    "PulseSequenceDetails": "%CustomerSeq%\\cmrr_mbep2d_bold",
    "ReceiveCoilActiveElements": "HE1-4",
    "ReceiveCoilName": "HeadNeck_20",
    "ReconMatrixPE": 80,
    "RefLinesPE": 58,
    "RepetitionTime": 1.615,
    "SAR": 0.0347981,
    "ScanOptions": "PFP\\FS",
    "ScanningSequence": "EP",
    "SequenceName": "epfid2d4_80",
    "SequenceVariant": "SK\\SS",
    "SeriesDescription": "resting-state_CMRR_MB3_IP2_ME4_TR1615",
    "SeriesNumber": 22,
    "ShimSetting": [
        3016,
        -11837,
        6799,
        96,
        -4,
        -89,
        113,
        43
    ],
    "SliceThickness": 2.7,
    "SliceTiming": [
        1.5,
        1.405,
        1.3125,
        1.2175,
        1.125,
        1.03,
        0.9375,
        0.8425,
        0.75,
        0.655,
        0.5625,
        0.4675,
        0.375,
        0.28,
        0.1875,
        0.0925,
        0,
        1.5,
        1.405,
        1.3125,
        1.2175,
        1.125,
        1.03,
        0.9375,
        0.8425,
        0.75,
        0.655,
        0.5625,
        0.4675,
        0.375,
        0.28,
        0.1875,
        0.0925,
        0,
        1.5,
        1.405,
        1.3125,
        1.2175,
        1.125,
        1.03,
        0.9375,
        0.8425,
        0.75,
        0.655,
        0.5625,
        0.4675,
        0.375,
        0.28,
        0.1875,
        0.0925,
        0
    ],
    "SoftwareVersions": "syngo MR E11",
    "SpacingBetweenSlices": 2.97,
    "StationName": "AWP166048",
    "TaskName": "rest",
    "TotalReadoutTime": 0.0193552,
    "TxRefAmp": 300.976,
    "Units": "arbitrary",
    "WipMemBlock": "2ad3f2f5-c5c2-47a4-9867-889c30406d8b||Sequence: R016 ve11e/master r/434b28f1; Aug  7 2019 18:53:46 by eja"
}