{
    "AcquisitionMatrixPE": 80,
    "AcquisitionNumber": 1,
    "AcquisitionTime": "20:35:58.667500",
    "BandwidthPerPixelPhaseEncode": 51.02,
    "BaseResolution": 80,
    "BidsGuess": [
        "func",
        "_acq-epfid2p2_dir-AP_run-5_echo-4_part-phase_bold"
    ],
    "BodyPartExamined": "BRAIN",
    "CoilCombinationMethod": "Sum of Squares",
    "ConsistencyInfo": "N4_VE11E_LATEST_20181129",
    "ConversionSoftware": "dcm2niix",
    "ConversionSoftwareVersion": "v1.0.20240202",
    "DerivedVendorReportedEchoSpacing": 0.000490004,
    "DeviceSerialNumber": "166048",
    "DwellTime": 2.5e-06,
    "EchoNumber": 4,
    "EchoTime": 0.06702,
    "EchoTime1": 0.0138,
    "EchoTime2": 0.03154,
    "EchoTrainLength": 34,
    "EffectiveEchoSpacing": 0.000245002,
    "FlipAngle": 50,
    "HeudiconvVersion": "1.3.2",
    "ImageComments": "Single-band reference SENSE1+",
    "ImageOrientationPatientDICOM": [
        1,
        0,
        0,
        0,
        1,
        0
    ],
    "ImageOrientationText": "Tra",
    "ImageType": [
        "ORIGINAL",
        "PRIMARY",
        "P",
        "TE4",
        "ND",
        "MOSAIC",
        "PHASE"
    ],
    "ImagingFrequency": 123.24919,
    "InPlanePhaseEncodingDirectionDICOM": "COL",
    "InstitutionAddress": "North 13th 1701,Philadelphia,PA,US,19122",
    "InstitutionName": "Temple University",
    "InstitutionalDepartmentName": "Department",
    "MRAcquisitionType": "2D",
    "MagneticFieldStrength": 3,
    "Manufacturer": "Siemens",
    "ManufacturersModelName": "Prisma",
    "MatrixCoilMode": "GRAPPA",
    "Modality": "MR",
    "NonlinearGradientCorrection": false,
    "ParallelReductionFactorInPlane": 2,
    "PartialFourier": 0.875,
    "PatientPosition": "HFS",
    "PercentPhaseFOV": 100,
    "PercentSampling": 100,
    "PhaseEncodingDirection": "j-",
    "PhaseEncodingSteps": 69,
    "PhaseResolution": 1,
    "PixelBandwidth": 2500,
    "ProcedureStepDescription": "NightOwls^CB A",
    "ProtocolName": "task-MID_run1_CMRR_MB3_IP2_ME4_TR1615",
    "PulseSequenceDetails": "%CustomerSeq%\\cmrr_mbep2d_bold",
    "ReceiveCoilActiveElements": "HE1-4",
    "ReceiveCoilName": "HeadNeck_20",
    "ReconMatrixPE": 80,
    "RefLinesPE": 58,
    "RepetitionTime": 1.615,
    "SAR": 0.0341371,
    "ScanOptions": "PFP\\FS",
    "ScanningSequence": "EP",
    "SequenceName": "epfid2d4_80",
    "SequenceVariant": "SK\\SS",
    "SeriesDescription": "task-MID_run1_CMRR_MB3_IP2_ME4_TR1615_SBRef",
    "SeriesNumber": 5,
    "ShimSetting": [
        3019,
        -11840,
        6802,
        108,
        14,
        -137,
        148,
        38
    ],
    "SliceThickness": 2.7,
    "SliceTiming": [
        4.69,
        4.595,
        4.5025,
        4.4075,
        4.315,
        4.22,
        4.1275,
        4.0325,
        3.94,
        3.845,
        3.7525,
        3.6575,
        3.565,
        3.47,
        3.3775,
        3.2825,
        3.1875,
        3.095,
        3,
        2.9075,
        2.8125,
        2.72,
        2.625,
        2.5325,
        2.4375,
        2.345,
        2.25,
        2.1575,
        2.0625,
        1.97,
        1.875,
        1.7825,
        1.6875,
        1.5925,
        1.5,
        1.405,
        1.3125,
        1.2175,
        1.125,
        1.03,
        0.9375,
        0.8425,
        0.75,
        0.655,
        0.5625,
        0.4675,
        0.375,
        0.28,
        0.1875,
        0.0925,
        0
    ],
    "SoftwareVersions": "syngo MR E11",
    "SpacingBetweenSlices": 2.97,
    "StationName": "AWP166048",
    "TaskName": "mid",
    "TotalReadoutTime": 0.0193552,
    "TxRefAmp": 300.976,
    "Units": "arbitrary",
    "WipMemBlock": "0bfeb3c4-e894-4632-b8d6-843aa4ac9007||Sequence: R016 ve11e/master r/434b28f1; Aug  7 2019 18:53:46 by eja"
}