{
    "AcquisitionDuration": 660.692,
    "AcquisitionMatrixPE": 80,
    "AcquisitionNumber": 1,
    "AcquisitionTime": "21:02:41.232500",
    "BandwidthPerPixelPhaseEncode": 51.02,
    "BaseResolution": 80,
    "BidsGuess": [
        "func",
        "_acq-epfid2p2_dir-RL_run-25_echo-3_bold"
    ],
    "BodyPartExamined": "BRAIN",
    "CoilCombinationMethod": "Sum of Squares",
    "CoilString": "HeadNeck_20",
    "ConversionSoftware": "dcm2niix",
    "ConversionSoftwareVersion": "v1.0.20240202",
    "DerivedVendorReportedEchoSpacing": 0.000490004,
    "DeviceSerialNumber": "166048",
    "DwellTime": 2.5e-06,
    "EchoNumber": 3,
    "EchoTime": 0.04928,
    "EchoTrainLength": 34,
    "EffectiveEchoSpacing": 0.000245002,
    "FlipAngle": 50,
    "FrequencyEncodingSteps": 80,
    "HeudiconvVersion": "1.3.3",
    "ImageComments": "Not for diagnostic use, Project: Smith-NOSC, Single-band reference SENSE1++",
    "ImageOrientationPatientDICOM": [
        -0.0561259,
        0.998424,
        -3.73206e-08,
        2.68952e-07,
        -2.22605e-08,
        -1
    ],
    "ImageType": [
        "ORIGINAL",
        "PRIMARY",
        "FMRI",
        "NONE"
    ],
    "ImageTypeText": [
        "ORIGINAL",
        "PRIMARY",
        "M",
        "TE3",
        "ND",
        "NORM"
    ],
    "ImagingFrequency": 123.249143,
    "InPlanePhaseEncodingDirectionDICOM": "ROW",
    "InstitutionAddress": "North 13th 1701,Philadelphia,PA,US,19122",
    "InstitutionName": "Temple University - Weiss Hall",
    "MRAcquisitionType": "2D",
    "MTState": false,
    "MagneticFieldStrength": 3,
    "Manufacturer": "Siemens",
    "ManufacturersModelName": "MAGNETOM Prisma",
    "MatrixCoilMode": "GRAPPA",
    "Modality": "MR",
    "NonlinearGradientCorrection": false,
    "ParallelAcquisitionTechnique": "GRAPPA",
    "ParallelReductionFactorInPlane": 2,
    "PartialFourier": 0.875,
    "PartialFourierDirection": "PHASE",
    "PatientPosition": "HFS",
    "PercentPhaseFOV": 100,
    "PercentSampling": 100,
    "PhaseEncodingDirection": "i",
    "PhaseEncodingSteps": 80,
    "PhaseResolution": 1,
    "PixelBandwidth": 2500,
    "ProtocolName": "resting-state_CMRR_MB3_IP2_ME4_TR1615",
    "PulseSequenceDetails": "%CustomerSeq%\\cmrr_mbep2d_bold",
    "PulseSequenceName": "epfid2d4_80",
    "ReceiveCoilActiveElements": "HE1-4;NE1,2",
    "ReceiveCoilName": "HeadNeck_20",
    "ReconMatrixPE": 80,
    "RefLinesPE": 58,
    "RepetitionTime": 1.615,
    "ScanOptions": "PFP\\FS",
    "ScanningSequence": "EP",
    "SequenceVariant": "SK\\SS",
    "SeriesDescription": "resting-state_CMRR_MB3_IP2_ME4_TR1615_SBRef",
    "SeriesNumber": 25,
    "ShimSetting": [
        3036,
        -11874,
        6764,
        212,
        -24,
        -438,
        58,
        36
    ],
    "SliceThickness": 2.7,
    "SliceTiming": [
        30.6525,
        30.56,
        30.465,
        30.3725,
        30.2775,
        30.185,
        30.09,
        29.9975,
        29.9025,
        29.81,
        29.715,
        29.62,
        29.5275,
        29.4325,
        29.34,
        29.245,
        29.1525,
        29.0575,
        28.965,
        28.87,
        28.7775,
        28.6825,
        28.59,
        28.495,
        28.4025,
        28.3075,
        28.215,
        28.12,
        28.0275,
        27.9325,
        27.8375,
        27.745,
        27.65,
        27.5575,
        27.4625,
        27.37,
        27.275,
        27.1825,
        27.0875,
        26.995,
        26.9,
        26.8075,
        26.7125,
        26.62,
        26.525,
        26.4325,
        26.3375,
        26.2425,
        26.15,
        26.055,
        25.9625
    ],
    "SoftwareVersions": "syngo MR XA60",
    "SpacingBetweenSlices": 2.97,
    "StationName": "AWP166048",
    "TaskName": "rest",
    "TotalReadoutTime": 0.0193552,
    "TxRefAmp": 273.746,
    "Units": "Hz",
    "WipMemBlock": "c2d30d83-ec1e-43f8-9d11-585542549665||Sequence: R017 nxva60a/main r/452845729; Apr 24 2025 10:56:00 by eja"
}