{
    "AcquisitionDuration": 660.69,
    "AcquisitionMatrixPE": 80,
    "AcquisitionNumber": 1,
    "AcquisitionTime": "21:02:41.215000",
    "BandwidthPerPixelPhaseEncode": 51.02,
    "BaseResolution": 80,
    "BidsGuess": [
        "func",
        "_acq-epfid2p2_dir-RL_run-25_echo-2_bold"
    ],
    "BodyPartExamined": "BRAIN",
    "CoilCombinationMethod": "Sum of Squares",
    "CoilString": "HeadNeck_20",
    "ConversionSoftware": "dcm2niix",
    "ConversionSoftwareVersion": "v1.0.20240202",
    "DerivedVendorReportedEchoSpacing": 0.000490004,
    "DeviceSerialNumber": "166048",
    "DwellTime": 2.5e-06,
    "EchoNumber": 2,
    "EchoTime": 0.03154,
    "EchoTrainLength": 34,
    "EffectiveEchoSpacing": 0.000245002,
    "FlipAngle": 50,
    "FrequencyEncodingSteps": 80,
    "HeudiconvVersion": "1.3.3",
    "ImageComments": "Not for diagnostic use, Project: Smith-NOSC, Single-band reference SENSE1++",
    "ImageOrientationPatientDICOM": [
        -0.0561259,
        0.998424,
        -3.73206e-08,
        2.68952e-07,
        -2.22605e-08,
        -1
    ],
    "ImageType": [
        "ORIGINAL",
        "PRIMARY",
        "FMRI",
        "NONE"
    ],
    "ImageTypeText": [
        "ORIGINAL",
        "PRIMARY",
        "M",
        "TE2",
        "ND",
        "NORM"
    ],
    "ImagingFrequency": 123.249143,
    "InPlanePhaseEncodingDirectionDICOM": "ROW",
    "InstitutionAddress": "North 13th 1701,Philadelphia,PA,US,19122",
    "InstitutionName": "Temple University - Weiss Hall",
    "MRAcquisitionType": "2D",
    "MTState": false,
    "MagneticFieldStrength": 3,
    "Manufacturer": "Siemens",
    "ManufacturersModelName": "MAGNETOM Prisma",
    "MatrixCoilMode": "GRAPPA",
    "Modality": "MR",
    "NonlinearGradientCorrection": false,
    "ParallelAcquisitionTechnique": "GRAPPA",
    "ParallelReductionFactorInPlane": 2,
    "PartialFourier": 0.875,
    "PartialFourierDirection": "PHASE",
    "PatientPosition": "HFS",
    "PercentPhaseFOV": 100,
    "PercentSampling": 100,
    "PhaseEncodingDirection": "i",
    "PhaseEncodingSteps": 80,
    "PhaseResolution": 1,
    "PixelBandwidth": 2500,
    "ProtocolName": "resting-state_CMRR_MB3_IP2_ME4_TR1615",
    "PulseSequenceDetails": "%CustomerSeq%\\cmrr_mbep2d_bold",
    "PulseSequenceName": "epfid2d4_80",
    "ReceiveCoilActiveElements": "HE1-4;NE1,2",
    "ReceiveCoilName": "HeadNeck_20",
    "ReconMatrixPE": 80,
    "RefLinesPE": 58,
    "RepetitionTime": 1.615,
    "ScanOptions": "PFP\\FS",
    "ScanningSequence": "EP",
    "SequenceVariant": "SK\\SS",
    "SeriesDescription": "resting-state_CMRR_MB3_IP2_ME4_TR1615_SBRef",
    "SeriesNumber": 25,
    "ShimSetting": [
        3036,
        -11874,
        6764,
        212,
        -24,
        -438,
        58,
        36
    ],
    "SliceThickness": 2.7,
    "SliceTiming": [
        30.635,
        30.5425,
        30.4475,
        30.355,
        30.26,
        30.1675,
        30.0725,
        29.9775,
        29.885,
        29.79,
        29.6975,
        29.6025,
        29.51,
        29.415,
        29.3225,
        29.2275,
        29.135,
        29.04,
        28.9475,
        28.8525,
        28.76,
        28.665,
        28.5725,
        28.4775,
        28.385,
        28.29,
        28.195,
        28.1025,
        28.0075,
        27.915,
        27.82,
        27.7275,
        27.6325,
        27.54,
        27.445,
        27.3525,
        27.2575,
        27.165,
        27.07,
        26.9775,
        26.8825,
        26.79,
        26.695,
        26.6,
        26.5075,
        26.4125,
        26.32,
        26.225,
        26.1325,
        26.0375,
        25.945
    ],
    "SoftwareVersions": "syngo MR XA60",
    "SpacingBetweenSlices": 2.97,
    "StationName": "AWP166048",
    "TaskName": "rest",
    "TotalReadoutTime": 0.0193552,
    "TxRefAmp": 273.746,
    "Units": "Hz",
    "WipMemBlock": "c2d30d83-ec1e-43f8-9d11-585542549665||Sequence: R017 nxva60a/main r/452845729; Apr 24 2025 10:56:00 by eja"
}