{
    "AcquisitionDuration": 516.69,
    "AcquisitionMatrixPE": 80,
    "AcquisitionNumber": 1,
    "AcquisitionTime": "20:16:15.712500",
    "BandwidthPerPixelPhaseEncode": 51.02,
    "BaseResolution": 80,
    "BidsGuess": [
        "func",
        "_acq-epfid2p2_dir-AP_run-6_echo-1_bold"
    ],
    "BodyPartExamined": "BRAIN",
    "CoilCombinationMethod": "Sum of Squares",
    "CoilString": "HeadNeck_20",
    "ConversionSoftware": "dcm2niix",
    "ConversionSoftwareVersion": "v1.0.20240202",
    "DerivedVendorReportedEchoSpacing": 0.000490004,
    "DeviceSerialNumber": "166048",
    "DwellTime": 2.5e-06,
    "EchoNumber": 1,
    "EchoTime": 0.0138,
    "EchoTrainLength": 34,
    "EffectiveEchoSpacing": 0.000245002,
    "FlipAngle": 50,
    "FrequencyEncodingSteps": 80,
    "HeudiconvVersion": "1.3.3",
    "ImageComments": "Not for diagnostic use, Project: Smith-NOSC, Single-band reference SENSE1++",
    "ImageOrientationPatientDICOM": [
        0.999983,
        0.000503257,
        -0.00573796,
        1.79193e-09,
        0.996176,
        0.0873715
    ],
    "ImageType": [
        "ORIGINAL",
        "PRIMARY",
        "FMRI",
        "NONE"
    ],
    "ImageTypeText": [
        "ORIGINAL",
        "PRIMARY",
        "M",
        "TE1",
        "ND",
        "NORM"
    ],
    "ImagingFrequency": 123.24912,
    "InPlanePhaseEncodingDirectionDICOM": "COL",
    "InstitutionAddress": "North 13th 1701,Philadelphia,PA,US,19122",
    "InstitutionName": "Temple University - Weiss Hall",
    "MRAcquisitionType": "2D",
    "MTState": false,
    "MagneticFieldStrength": 3,
    "Manufacturer": "Siemens",
    "ManufacturersModelName": "MAGNETOM Prisma",
    "MatrixCoilMode": "GRAPPA",
    "Modality": "MR",
    "NonlinearGradientCorrection": false,
    "ParallelAcquisitionTechnique": "GRAPPA",
    "ParallelReductionFactorInPlane": 2,
    "PartialFourier": 0.875,
    "PartialFourierDirection": "PHASE",
    "PatientPosition": "HFS",
    "PercentPhaseFOV": 100,
    "PercentSampling": 100,
    "PhaseEncodingDirection": "j-",
    "PhaseEncodingSteps": 80,
    "PhaseResolution": 1,
    "PixelBandwidth": 2500,
    "ProtocolName": "task-MID_run1_CMRR_MB3_IP2_ME4_TR1615",
    "PulseSequenceDetails": "%CustomerSeq%\\cmrr_mbep2d_bold",
    "PulseSequenceName": "epfid2d4_80",
    "ReceiveCoilActiveElements": "HE1-4",
    "ReceiveCoilName": "HeadNeck_20",
    "ReconMatrixPE": 80,
    "RefLinesPE": 58,
    "RepetitionTime": 1.615,
    "ScanOptions": "PFP\\FS",
    "ScanningSequence": "EP",
    "SequenceVariant": "SK\\SS",
    "SeriesDescription": "task-MID_run1_CMRR_MB3_IP2_ME4_TR1615_SBRef",
    "SeriesNumber": 6,
    "ShimSetting": [
        3033,
        -11831,
        6743,
        156,
        -46,
        -179,
        33,
        43
    ],
    "SliceThickness": 2.7,
    "SliceTiming": [
        0.71,
        0.6975,
        0.6825,
        0.6675,
        0.655,
        0.64,
        0.625,
        0.61,
        0.5975,
        0.5825,
        0.5675,
        0.555,
        0.54,
        0.525,
        0.5125,
        0.4975,
        0.4825,
        0.47,
        0.455,
        0.44,
        0.425,
        0.4125,
        0.3975,
        0.3825,
        0.37,
        0.355,
        0.34,
        0.3275,
        0.3125,
        0.2975,
        0.2825,
        0.27,
        0.255,
        0.24,
        0.2275,
        0.2125,
        0.1975,
        0.185,
        0.17,
        0.155,
        0.1425,
        0.1275,
        0.1125,
        0.0975,
        0.085,
        0.07,
        0.055,
        0.0425,
        0.0275,
        0.0125,
        0
    ],
    "SoftwareVersions": "syngo MR XA60",
    "SpacingBetweenSlices": 2.97,
    "StationName": "AWP166048",
    "TaskName": "mid",
    "TotalReadoutTime": 0.0193552,
    "TxRefAmp": 273.746,
    "Units": "Hz",
    "WipMemBlock": "e854f353-0fa4-4dcd-9f04-50828f67c4a2||Sequence: R017 nxva60a/main r/452845729; Apr 24 2025 10:56:00 by eja"
}