{
    "AcquisitionDuration": 511.69,
    "AcquisitionMatrixPE": 80,
    "AcquisitionNumber": 1,
    "AcquisitionTime": "19:46:27.845000",
    "BandwidthPerPixelPhaseEncode": 51.02,
    "BaseResolution": 80,
    "BidsGuess": [
        "func",
        "_acq-epfid2p2_dir-AP_run-16_echo-2_bold"
    ],
    "BodyPartExamined": "BRAIN",
    "CoilCombinationMethod": "Sum of Squares",
    "CoilString": "HeadNeck_20",
    "ConversionSoftware": "dcm2niix",
    "ConversionSoftwareVersion": "v1.0.20240202",
    "DerivedVendorReportedEchoSpacing": 0.000490004,
    "DeviceSerialNumber": "166048",
    "DwellTime": 2.5e-06,
    "EchoNumber": 2,
    "EchoTime": 0.03154,
    "EchoTrainLength": 34,
    "EffectiveEchoSpacing": 0.000245002,
    "FlipAngle": 50,
    "FrequencyEncodingSteps": 80,
    "HeudiconvVersion": "1.3.2",
    "ImageComments": "Project: Smith-NOSC, Single-band reference SENSE1++",
    "ImageOrientationPatientDICOM": [
        1,
        2.30884e-10,
        -7.89916e-09,
        2.30884e-10,
        0.998293,
        0.058408
    ],
    "ImageType": [
        "ORIGINAL",
        "PRIMARY",
        "FMRI",
        "NONE"
    ],
    "ImageTypeText": [
        "ORIGINAL",
        "PRIMARY",
        "M",
        "TE2",
        "NORM",
        "DIS2D"
    ],
    "ImagingFrequency": 123.249244,
    "InPlanePhaseEncodingDirectionDICOM": "COL",
    "InstitutionAddress": "North 13th 1701,Philadelphia,PA,US,19122",
    "InstitutionName": "Temple University - Weiss Hall",
    "MRAcquisitionType": "2D",
    "MTState": false,
    "MagneticFieldStrength": 3,
    "Manufacturer": "Siemens",
    "ManufacturersModelName": "MAGNETOM Prisma",
    "MatrixCoilMode": "GRAPPA",
    "Modality": "MR",
    "NonlinearGradientCorrection": true,
    "ParallelAcquisitionTechnique": "GRAPPA",
    "ParallelReductionFactorInPlane": 2,
    "PartialFourier": 0.875,
    "PartialFourierDirection": "PHASE",
    "PatientPosition": "HFS",
    "PercentPhaseFOV": 100,
    "PercentSampling": 100,
    "PhaseEncodingDirection": "j-",
    "PhaseEncodingSteps": 80,
    "PhaseResolution": 1,
    "PixelBandwidth": 2500,
    "ProtocolName": "task-MID_run2_CMRR_MB3_IP2_ME4_TR1615",
    "PulseSequenceDetails": "%CustomerSeq%\\cmrr_mbep2d_bold",
    "PulseSequenceName": "epfid2d4_80",
    "ReceiveCoilActiveElements": "HE1-4",
    "ReceiveCoilName": "HeadNeck_20",
    "ReconMatrixPE": 80,
    "RefLinesPE": 58,
    "RepetitionTime": 1.615,
    "ScanOptions": "PFP\\FS",
    "ScanningSequence": "EP",
    "SequenceVariant": "SK\\SS",
    "SeriesDescription": "task-MID_run2_CMRR_MB3_IP2_ME4_TR1615_SBRef",
    "SeriesNumber": 16,
    "ShimSetting": [
        3023,
        -11914,
        6840,
        690,
        -44,
        -371,
        346,
        0
    ],
    "SliceThickness": 2.7,
    "SliceTiming": [
        0,
        0.0925,
        0.1875,
        0.28,
        0.375,
        0.4675,
        0.5625,
        0.655,
        0.75,
        0.8425,
        0.9375,
        1.03,
        1.125,
        1.2175,
        1.3125,
        1.405,
        1.5,
        1.595,
        1.6875,
        1.7825,
        1.875,
        1.97,
        2.0625,
        2.1575,
        2.25,
        2.345,
        2.4375,
        2.5325,
        2.625,
        2.72,
        2.8125,
        2.9075,
        3,
        3.095,
        3.1875,
        3.2825,
        3.3775,
        3.47,
        3.565,
        3.6575,
        3.7525,
        3.845,
        3.94,
        4.0325,
        4.1275,
        4.22,
        4.315,
        4.4075,
        4.5025,
        4.595,
        4.69
    ],
    "SoftwareVersions": "syngo MR XA30",
    "SpacingBetweenSlices": 2.97,
    "StationName": "AWP166048",
    "TaskName": "mid",
    "TotalReadoutTime": 0.0193552,
    "TxRefAmp": 254.286,
    "Units": "Hz",
    "WipMemBlock": "74031e81-4501-4103-8a59-c00b1606564c||Sequence: R017 nxva30a/master r/d8d65e45a; Feb 10 2025 13:35:02 by eja"
}