{
    "AcquisitionMatrixPE": 80,
    "AcquisitionNumber": 1,
    "AcquisitionTime": "20:37:8.805000",
    "BandwidthPerPixelPhaseEncode": 51.02,
    "BaseResolution": 80,
    "BidsGuess": [
        "func",
        "_acq-epfid2p2_dir-AP_run-5_echo-3_bold"
    ],
    "BodyPartExamined": "BRAIN",
    "CoilCombinationMethod": "Sum of Squares",
    "ConsistencyInfo": "N4_VE11E_LATEST_20181129",
    "ConversionSoftware": "dcm2niix",
    "ConversionSoftwareVersion": "v1.0.20240202",
    "DerivedVendorReportedEchoSpacing": 0.000490004,
    "DeviceSerialNumber": "166048",
    "DwellTime": 2.5e-06,
    "EchoNumber": 3,
    "EchoTime": 0.04928,
    "EchoTrainLength": 34,
    "EffectiveEchoSpacing": 0.000245002,
    "FlipAngle": 50,
    "HeudiconvVersion": "1.3.2",
    "ImageComments": "Single-band reference SENSE1+",
    "ImageOrientationPatientDICOM": [
        1,
        0,
        0,
        0,
        0.996345,
        0.0854169
    ],
    "ImageOrientationText": "Tra>Cor(4.9)",
    "ImageType": [
        "ORIGINAL",
        "PRIMARY",
        "M",
        "TE3",
        "ND",
        "NORM",
        "MOSAIC"
    ],
    "ImagingFrequency": 123.248778,
    "InPlanePhaseEncodingDirectionDICOM": "COL",
    "InstitutionAddress": "North 13th 1701,Philadelphia,PA,US,19122",
    "InstitutionName": "Temple University - Weiss Hall",
    "InstitutionalDepartmentName": "Department",
    "MRAcquisitionType": "2D",
    "MagneticFieldStrength": 3,
    "Manufacturer": "Siemens",
    "ManufacturersModelName": "Prisma",
    "MatrixCoilMode": "GRAPPA",
    "Modality": "MR",
    "NonlinearGradientCorrection": false,
    "ParallelReductionFactorInPlane": 2,
    "PartialFourier": 0.875,
    "PatientPosition": "HFS",
    "PercentPhaseFOV": 100,
    "PercentSampling": 100,
    "PhaseEncodingDirection": "j-",
    "PhaseEncodingSteps": 69,
    "PhaseResolution": 1,
    "PixelBandwidth": 2500,
    "ProcedureStepDescription": "NightOwls^CB A",
    "ProtocolName": "task-SharedReward_run1_CMRR_MB3_IP2_ME4_TR1615",
    "PulseSequenceDetails": "%CustomerSeq%\\cmrr_mbep2d_bold",
    "ReceiveCoilActiveElements": "HE1-4",
    "ReceiveCoilName": "HeadNeck_20",
    "ReconMatrixPE": 80,
    "RefLinesPE": 58,
    "RepetitionTime": 1.615,
    "SAR": 0.0341377,
    "ScanOptions": "PFP\\FS",
    "ScanningSequence": "EP",
    "SequenceName": "epfid2d4_80",
    "SequenceVariant": "SK\\SS",
    "SeriesDescription": "task-SharedReward_run1_CMRR_MB3_IP2_ME4_TR1615_SBRef",
    "SeriesNumber": 5,
    "ShimSetting": [
        3020,
        -11839,
        6791,
        81,
        -5,
        -89,
        140,
        44
    ],
    "SliceThickness": 2.7,
    "SliceTiming": [
        4.6925,
        4.5975,
        4.505,
        4.41,
        4.3175,
        4.2225,
        4.13,
        4.035,
        3.9425,
        3.8475,
        3.755,
        3.66,
        3.565,
        3.4725,
        3.3775,
        3.285,
        3.19,
        3.0975,
        3.0025,
        2.91,
        2.815,
        2.7225,
        2.6275,
        2.535,
        2.44,
        2.3475,
        2.2525,
        2.16,
        2.065,
        1.97,
        1.8775,
        1.7825,
        1.69,
        1.595,
        1.5025,
        1.4075,
        1.315,
        1.22,
        1.1275,
        1.0325,
        0.94,
        0.845,
        0.7525,
        0.6575,
        0.565,
        0.47,
        0.3775,
        0.2825,
        0.1875,
        0.095,
        0
    ],
    "SoftwareVersions": "syngo MR E11",
    "SpacingBetweenSlices": 2.97,
    "StationName": "AWP166048",
    "TaskName": "sharedreward",
    "TotalReadoutTime": 0.0193552,
    "TxRefAmp": 300.914,
    "Units": "Hz",
    "WipMemBlock": "56ad2aac-c6bb-4d52-a288-0c202c84b130||Sequence: R016 ve11e/master r/434b28f1; Aug  7 2019 18:53:46 by eja"
}