{
    "AcquisitionMatrixPE": 80,
    "AcquisitionNumber": 1,
    "AcquisitionTime": "21:04:16.985000",
    "BandwidthPerPixelPhaseEncode": 51.02,
    "BaseResolution": 80,
    "BidsGuess": [
        "func",
        "_acq-epfid2p2m3_dir-AP_run-14_echo-2_bold"
    ],
    "BodyPartExamined": "BRAIN",
    "CoilCombinationMethod": "Sum of Squares",
    "ConsistencyInfo": "N4_VE11E_LATEST_20181129",
    "ConversionSoftware": "dcm2niix",
    "ConversionSoftwareVersion": "v1.0.20240202",
    "DerivedVendorReportedEchoSpacing": 0.000490004,
    "DeviceSerialNumber": "166048",
    "DwellTime": 2.5e-06,
    "EchoNumber": 2,
    "EchoTime": 0.03154,
    "EchoTrainLength": 34,
    "EffectiveEchoSpacing": 0.000245002,
    "FlipAngle": 50,
    "HeudiconvVersion": "1.3.2",
    "ImageComments": "Unaliased MB3/PE4/LB SENSE1+",
    "ImageOrientationPatientDICOM": [
        0.999994,
        0.000374213,
        -0.00350328,
        -2.62117e-08,
        0.994344,
        0.106206
    ],
    "ImageOrientationText": "Tra>Cor(6.1)>Sag(-0.2)",
    "ImageType": [
        "ORIGINAL",
        "PRIMARY",
        "M",
        "MB",
        "TE2",
        "ND",
        "NORM",
        "MOSAIC"
    ],
    "ImagingFrequency": 123.248794,
    "InPlanePhaseEncodingDirectionDICOM": "COL",
    "InstitutionAddress": "North 13th 1701,Philadelphia,PA,US,19122",
    "InstitutionName": "Temple University - Weiss Hall",
    "InstitutionalDepartmentName": "Department",
    "MRAcquisitionType": "2D",
    "MagneticFieldStrength": 3,
    "Manufacturer": "Siemens",
    "ManufacturersModelName": "Prisma",
    "MatrixCoilMode": "GRAPPA",
    "Modality": "MR",
    "MultibandAccelerationFactor": 3,
    "NonlinearGradientCorrection": false,
    "ParallelReductionFactorInPlane": 2,
    "PartialFourier": 0.875,
    "PatientPosition": "HFS",
    "PercentPhaseFOV": 100,
    "PercentSampling": 100,
    "PhaseEncodingDirection": "j-",
    "PhaseEncodingSteps": 69,
    "PhaseResolution": 1,
    "PixelBandwidth": 2500,
    "ProcedureStepDescription": "NightOwls^CB A",
    "ProtocolName": "task-SharedReward_run2_CMRR_MB3_IP2_ME4_TR1615",
    "PulseSequenceDetails": "%CustomerSeq%\\cmrr_mbep2d_bold",
    "ReceiveCoilActiveElements": "HE1-4",
    "ReceiveCoilName": "HeadNeck_20",
    "ReconMatrixPE": 80,
    "RefLinesPE": 58,
    "RepetitionTime": 1.615,
    "SAR": 0.0341377,
    "ScanOptions": "PFP\\FS",
    "ScanningSequence": "EP",
    "SequenceName": "epfid2d4_80",
    "SequenceVariant": "SK\\SS",
    "SeriesDescription": "task-SharedReward_run2_CMRR_MB3_IP2_ME4_TR1615",
    "SeriesNumber": 14,
    "ShimSetting": [
        3021,
        -11846,
        6792,
        74,
        3,
        -123,
        119,
        38
    ],
    "SliceThickness": 2.7,
    "SliceTiming": [
        1.5025,
        1.4075,
        1.315,
        1.22,
        1.1275,
        1.0325,
        0.94,
        0.845,
        0.7525,
        0.6575,
        0.565,
        0.47,
        0.375,
        0.2825,
        0.1875,
        0.095,
        0,
        1.5025,
        1.4075,
        1.315,
        1.22,
        1.1275,
        1.0325,
        0.94,
        0.845,
        0.7525,
        0.6575,
        0.565,
        0.47,
        0.375,
        0.2825,
        0.1875,
        0.095,
        0,
        1.5025,
        1.4075,
        1.315,
        1.22,
        1.1275,
        1.0325,
        0.94,
        0.845,
        0.7525,
        0.6575,
        0.565,
        0.47,
        0.375,
        0.2825,
        0.1875,
        0.095,
        0
    ],
    "SoftwareVersions": "syngo MR E11",
    "SpacingBetweenSlices": 2.97,
    "StationName": "AWP166048",
    "TaskName": "sharedreward",
    "TotalReadoutTime": 0.0193552,
    "TxRefAmp": 300.914,
    "Units": "Hz",
    "WipMemBlock": "bbf53198-408a-440e-b757-27b6206e8fa4||Sequence: R016 ve11e/master r/434b28f1; Aug  7 2019 18:53:46 by eja"
}