{
    "AcquisitionDuration": 487.692,
    "AcquisitionMatrixPE": 80,
    "AcquisitionNumber": 1,
    "AcquisitionTime": "19:41:30.552500",
    "BandwidthPerPixelPhaseEncode": 51.02,
    "BaseResolution": 80,
    "BidsGuess": [
        "func",
        "_acq-epfid2p2_dir-AP_run-10_echo-1_bold"
    ],
    "BodyPartExamined": "BRAIN",
    "CoilCombinationMethod": "Sum of Squares",
    "CoilString": "HeadNeck_20",
    "ConversionSoftware": "dcm2niix",
    "ConversionSoftwareVersion": "v1.0.20240202",
    "DerivedVendorReportedEchoSpacing": 0.000490004,
    "DeviceSerialNumber": "166048",
    "DwellTime": 2.5e-06,
    "EchoNumber": 1,
    "EchoTime": 0.0138,
    "EchoTrainLength": 34,
    "EffectiveEchoSpacing": 0.000245002,
    "FlipAngle": 50,
    "FrequencyEncodingSteps": 80,
    "HeudiconvVersion": "1.3.3",
    "ImageComments": "Not for diagnostic use, Project: Smith-NOSC, Single-band reference SENSE1++",
    "ImageOrientationPatientDICOM": [
        1,
        -5.14902e-10,
        -1.31608e-08,
        -5.14901e-10,
        0.996943,
        -0.078128
    ],
    "ImageType": [
        "ORIGINAL",
        "PRIMARY",
        "FMRI",
        "NONE"
    ],
    "ImageTypeText": [
        "ORIGINAL",
        "PRIMARY",
        "M",
        "TE1",
        "ND",
        "NORM"
    ],
    "ImagingFrequency": 123.249155,
    "InPlanePhaseEncodingDirectionDICOM": "COL",
    "InstitutionAddress": "North 13th 1701,Philadelphia,PA,US,19122",
    "InstitutionName": "Temple University - Weiss Hall",
    "MRAcquisitionType": "2D",
    "MTState": false,
    "MagneticFieldStrength": 3,
    "Manufacturer": "Siemens",
    "ManufacturersModelName": "MAGNETOM Prisma",
    "MatrixCoilMode": "GRAPPA",
    "Modality": "MR",
    "NonlinearGradientCorrection": false,
    "ParallelAcquisitionTechnique": "GRAPPA",
    "ParallelReductionFactorInPlane": 2,
    "PartialFourier": 0.875,
    "PartialFourierDirection": "PHASE",
    "PatientPosition": "HFS",
    "PercentPhaseFOV": 100,
    "PercentSampling": 100,
    "PhaseEncodingDirection": "j-",
    "PhaseEncodingSteps": 80,
    "PhaseResolution": 1,
    "PixelBandwidth": 2500,
    "ProtocolName": "task-SharedReward_run1_CMRR_MB3_IP2_ME4_TR1615",
    "PulseSequenceDetails": "%CustomerSeq%\\cmrr_mbep2d_bold",
    "PulseSequenceName": "epfid2d4_80",
    "ReceiveCoilActiveElements": "HE1-4;NE1,2",
    "ReceiveCoilName": "HeadNeck_20",
    "ReconMatrixPE": 80,
    "RefLinesPE": 58,
    "RepetitionTime": 1.615,
    "ScanOptions": "PFP\\FS",
    "ScanningSequence": "EP",
    "SequenceVariant": "SK\\SS",
    "SeriesDescription": "task-SharedReward_run1_CMRR_MB3_IP2_ME4_TR1615_SBRef",
    "SeriesNumber": 10,
    "ShimSetting": [
        3022,
        -11818,
        6754,
        248,
        37,
        -402,
        18,
        36
    ],
    "SliceThickness": 2.7,
    "SliceTiming": [
        0.7125,
        0.6975,
        0.6825,
        0.67,
        0.655,
        0.64,
        0.6275,
        0.6125,
        0.5975,
        0.585,
        0.57,
        0.555,
        0.54,
        0.5275,
        0.5125,
        0.4975,
        0.485,
        0.47,
        0.455,
        0.4425,
        0.4275,
        0.4125,
        0.4,
        0.385,
        0.37,
        0.355,
        0.3425,
        0.3275,
        0.3125,
        0.3,
        0.285,
        0.27,
        0.2575,
        0.2425,
        0.2275,
        0.2125,
        0.2,
        0.185,
        0.17,
        0.1575,
        0.1425,
        0.1275,
        0.115,
        0.1,
        0.085,
        0.0725,
        0.0575,
        0.0425,
        0.0275,
        0.015,
        0
    ],
    "SoftwareVersions": "syngo MR XA60",
    "SpacingBetweenSlices": 2.97,
    "StationName": "AWP166048",
    "TaskName": "sharedreward",
    "TotalReadoutTime": 0.0193552,
    "TxRefAmp": 263.489,
    "Units": "Hz",
    "WipMemBlock": "c5ce87f1-5554-4c12-9149-c21de5bc338d||Sequence: R017 nxva60a/main r/452845729; Apr 24 2025 10:56:00 by eja"
}