{
    "AcquisitionDuration": 660.69,
    "AcquisitionMatrixPE": 80,
    "AcquisitionNumber": 1,
    "AcquisitionTime": "20:13:5.930000",
    "BandwidthPerPixelPhaseEncode": 51.02,
    "BaseResolution": 80,
    "BidsGuess": [
        "func",
        "_acq-epfid2p2_dir-RL_run-25_echo-1_bold"
    ],
    "BodyPartExamined": "BRAIN",
    "CoilCombinationMethod": "Sum of Squares",
    "CoilString": "HeadNeck_20",
    "ConversionSoftware": "dcm2niix",
    "ConversionSoftwareVersion": "v1.0.20240202",
    "DerivedVendorReportedEchoSpacing": 0.000490004,
    "DeviceSerialNumber": "166048",
    "DwellTime": 2.5e-06,
    "EchoNumber": 1,
    "EchoTime": 0.0138,
    "EchoTrainLength": 34,
    "EffectiveEchoSpacing": 0.000245002,
    "FlipAngle": 50,
    "FrequencyEncodingSteps": 80,
    "HeudiconvVersion": "1.3.3",
    "ImageComments": "Not for diagnostic use, Project: Smith-NOSC, Single-band reference SENSE1++",
    "ImageOrientationPatientDICOM": [
        0,
        1,
        0,
        0,
        0,
        -1
    ],
    "ImageType": [
        "ORIGINAL",
        "PRIMARY",
        "FMRI",
        "NONE"
    ],
    "ImageTypeText": [
        "ORIGINAL",
        "PRIMARY",
        "M",
        "TE1",
        "ND",
        "NORM"
    ],
    "ImagingFrequency": 123.248999,
    "InPlanePhaseEncodingDirectionDICOM": "ROW",
    "InstitutionAddress": "North 13th 1701,Philadelphia,PA,US,19122",
    "InstitutionName": "Temple University - Weiss Hall",
    "MRAcquisitionType": "2D",
    "MTState": false,
    "MagneticFieldStrength": 3,
    "Manufacturer": "Siemens",
    "ManufacturersModelName": "MAGNETOM Prisma",
    "MatrixCoilMode": "GRAPPA",
    "Modality": "MR",
    "NonlinearGradientCorrection": false,
    "ParallelAcquisitionTechnique": "GRAPPA",
    "ParallelReductionFactorInPlane": 2,
    "PartialFourier": 0.875,
    "PartialFourierDirection": "PHASE",
    "PatientPosition": "HFS",
    "PercentPhaseFOV": 100,
    "PercentSampling": 100,
    "PhaseEncodingDirection": "i",
    "PhaseEncodingSteps": 80,
    "PhaseResolution": 1,
    "PixelBandwidth": 2500,
    "ProtocolName": "resting-state_CMRR_MB3_IP2_ME4_TR1615",
    "PulseSequenceDetails": "%CustomerSeq%\\cmrr_mbep2d_bold",
    "PulseSequenceName": "epfid2d4_80",
    "ReceiveCoilActiveElements": "HE1-4;NE1,2",
    "ReceiveCoilName": "HeadNeck_20",
    "ReconMatrixPE": 80,
    "RefLinesPE": 58,
    "RepetitionTime": 1.615,
    "ScanOptions": "PFP\\FS",
    "ScanningSequence": "EP",
    "SequenceVariant": "SK\\SS",
    "SeriesDescription": "resting-state_CMRR_MB3_IP2_ME4_TR1615_SBRef",
    "SeriesNumber": 25,
    "ShimSetting": [
        2998,
        -11873,
        6782,
        159,
        -30,
        -598,
        -20,
        59
    ],
    "SliceThickness": 2.7,
    "SliceTiming": [
        0.7125,
        0.7,
        0.685,
        0.67,
        0.655,
        0.6425,
        0.6275,
        0.6125,
        0.6,
        0.585,
        0.57,
        0.5575,
        0.5425,
        0.5275,
        0.5125,
        0.5,
        0.485,
        0.47,
        0.4575,
        0.4425,
        0.4275,
        0.415,
        0.4,
        0.385,
        0.3725,
        0.3575,
        0.3425,
        0.3275,
        0.315,
        0.3,
        0.285,
        0.2725,
        0.2575,
        0.2425,
        0.23,
        0.215,
        0.2,
        0.185,
        0.1725,
        0.1575,
        0.1425,
        0.13,
        0.115,
        0.1,
        0.0875,
        0.0725,
        0.0575,
        0.045,
        0.03,
        0.015,
        0
    ],
    "SoftwareVersions": "syngo MR XA60",
    "SpacingBetweenSlices": 2.97,
    "StationName": "AWP166048",
    "TaskName": "rest",
    "TotalReadoutTime": 0.0193552,
    "TxRefAmp": 264.385,
    "Units": "Hz",
    "WipMemBlock": "d6a14aa0-afbd-407d-9459-89d6e6c9ceae||Sequence: R017 nxva60a/main r/452845729; Apr 24 2025 10:56:00 by eja"
}