{
  "AcquisitionDuration": 98.994,
  "AcquisitionMatrixPE": 312,
  "AcquisitionNumber": 1,
  "AcquisitionTime": "20:05:51.820000",
  "BaseResolution": 352,
  "BidsGuess": [
    "discard",
    "_acq-fl2p2_run-25_localizer"
],
  "BodyPartExamined": "BRAIN",
  "CoilCombinationMethod": "Adaptive Combine",
  "CoilString": "HeadNeck_20",
  "ConversionSoftware": "dcm2niix",
  "ConversionSoftwareVersion": "v1.0.20240202",
  "DeviceSerialNumber": "166048",
  "DwellTime": 3.4e-06,
  "EchoTime": 0.00397,
  "FlipAngle": 50,
  "FrequencyEncodingSteps": 352,
  "HeudiconvVersion": "1.3.3",
  "ImageComments": "Project: Smith-NOSC",
  "ImageOrientationPatientDICOM": [1, 4.861e-12, 5.9e-13, -4.897e-12, 0.992717, 0.120468],
  "ImageType": [
    "ORIGINAL",
    "PRIMARY",
    "M",
    "NONE"
],
  "ImageTypeText": [
    "ORIGINAL",
    "PRIMARY",
    "M",
    "NORM",
    "DIS2D"
],
  "ImagingFrequency": 123.24926,
  "InPlanePhaseEncodingDirectionDICOM": "ROW",
  "InstitutionAddress": "North 13th 1701,Philadelphia,PA,US,19122",
  "InstitutionName": "Temple University - Weiss Hall",
  "MRAcquisitionType": "2D",
  "MTState": false,
  "MagneticFieldStrength": 3,
  "Manufacturer": "Siemens",
  "ManufacturersModelName": "MAGNETOM Prisma",
  "MatrixCoilMode": "GRAPPA",
  "Modality": "MR",
  "NonlinearGradientCorrection": true,
  "ParallelAcquisitionTechnique": "GRAPPA",
  "ParallelReductionFactorInPlane": 2,
  "PartialFourier": 0.875,
  "PartialFourierDirection": "PHASE",
  "PatientPosition": "HFS",
  "PercentPhaseFOV": 73.8636,
  "PercentSampling": 100,
  "PhaseEncodingDirection": "i",
  "PhaseEncodingSteps": 260,
  "PhaseOversampling": 0.2,
  "PhaseResolution": 1,
  "PixelBandwidth": 418,
  "ProtocolName": "can_neuromelanin_pk",
  "PulseSequenceDetails": "%CustomerSeq%\\can_neuromelanin_pk",
  "PulseSequenceName": "fl2d1",
  "ReceiveCoilActiveElements": "HE1-4",
  "ReceiveCoilName": "HeadNeck_20",
  "ReconMatrixPE": 260,
  "RefLinesPE": 36,
  "RepetitionTime": 0.643,
  "ScanOptions": "PFP\\MT",
  "ScanningSequence": "GR",
  "SequenceVariant": "MTC\\SP\\OSP",
  "SeriesDescription": "can_neuromelanin_pk",
  "SeriesNumber": 25,
  "ShimSetting": [3027, -11808, 6555, -33, 30, -58, -21, 33],
  "SliceThickness": 1.5,
  "SliceTiming": [0.3225, 0, 0.35, 0.0275, 0.375, 0.055, 0.4025, 0.0825, 0.43, 0.1075, 0.4575, 0.135, 0.4825, 0.1625, 0.51, 0.1875, 0.5375, 0.215, 0.5625, 0.2425, 0.59, 0.27, 0.6175, 0.295],
  "SoftwareVersions": "syngo MR XA30",
  "SpacingBetweenSlices": 1.5,
  "StationName": "AWP166048",
  "TxRefAmp": 253.676}