{
    "AcquisitionDuration": 516.69,
    "AcquisitionMatrixPE": 80,
    "AcquisitionNumber": 1,
    "AcquisitionTime": "20:00:47.670000",
    "BandwidthPerPixelPhaseEncode": 51.02,
    "BaseResolution": 80,
    "BidsGuess": [
        "func",
        "_acq-epfid2p2_dir-AP_run-20_echo-1_bold"
    ],
    "BodyPartExamined": "BRAIN",
    "CoilCombinationMethod": "Sum of Squares",
    "CoilString": "HeadNeck_20",
    "ConversionSoftware": "dcm2niix",
    "ConversionSoftwareVersion": "v1.0.20240202",
    "DerivedVendorReportedEchoSpacing": 0.000490004,
    "DeviceSerialNumber": "166048",
    "DwellTime": 2.5e-06,
    "EchoNumber": 1,
    "EchoTime": 0.0138,
    "EchoTrainLength": 34,
    "EffectiveEchoSpacing": 0.000245002,
    "FlipAngle": 50,
    "FrequencyEncodingSteps": 80,
    "HeudiconvVersion": "1.3.3",
    "ImageComments": "Not for diagnostic use, Project: Smith-NOSC, Single-band reference SENSE1++",
    "ImageOrientationPatientDICOM": [
        1,
        -8.00591e-10,
        1.57848e-08,
        -8.00591e-10,
        0.994868,
        0.101178
    ],
    "ImageType": [
        "ORIGINAL",
        "PRIMARY",
        "FMRI",
        "NONE"
    ],
    "ImageTypeText": [
        "ORIGINAL",
        "PRIMARY",
        "M",
        "TE1",
        "ND",
        "NORM"
    ],
    "ImagingFrequency": 123.249151,
    "InPlanePhaseEncodingDirectionDICOM": "COL",
    "InstitutionAddress": "North 13th 1701,Philadelphia,PA,US,19122",
    "InstitutionName": "Temple University - Weiss Hall",
    "MRAcquisitionType": "2D",
    "MTState": false,
    "MagneticFieldStrength": 3,
    "Manufacturer": "Siemens",
    "ManufacturersModelName": "MAGNETOM Prisma",
    "MatrixCoilMode": "GRAPPA",
    "Modality": "MR",
    "NonlinearGradientCorrection": false,
    "ParallelAcquisitionTechnique": "GRAPPA",
    "ParallelReductionFactorInPlane": 2,
    "PartialFourier": 0.875,
    "PartialFourierDirection": "PHASE",
    "PatientPosition": "HFS",
    "PercentPhaseFOV": 100,
    "PercentSampling": 100,
    "PhaseEncodingDirection": "j-",
    "PhaseEncodingSteps": 80,
    "PhaseResolution": 1,
    "PixelBandwidth": 2500,
    "ProtocolName": "task-MID_run2_CMRR_MB3_IP2_ME4_TR1615",
    "PulseSequenceDetails": "%CustomerSeq%\\cmrr_mbep2d_bold",
    "PulseSequenceName": "epfid2d4_80",
    "ReceiveCoilActiveElements": "HE1-4",
    "ReceiveCoilName": "HeadNeck_20",
    "ReconMatrixPE": 80,
    "RefLinesPE": 58,
    "RepetitionTime": 1.615,
    "ScanOptions": "PFP\\FS",
    "ScanningSequence": "EP",
    "SequenceVariant": "SK\\SS",
    "SeriesDescription": "task-MID_run2_CMRR_MB3_IP2_ME4_TR1615_SBRef",
    "SeriesNumber": 20,
    "ShimSetting": [
        3025,
        -11836,
        6746,
        205,
        -43,
        -105,
        -5,
        42
    ],
    "SliceThickness": 2.7,
    "SliceTiming": [
        0.7125,
        0.6975,
        0.685,
        0.67,
        0.655,
        0.64,
        0.6275,
        0.6125,
        0.5975,
        0.585,
        0.57,
        0.555,
        0.5425,
        0.5275,
        0.5125,
        0.5,
        0.485,
        0.47,
        0.455,
        0.4425,
        0.4275,
        0.4125,
        0.4,
        0.385,
        0.37,
        0.3575,
        0.3425,
        0.3275,
        0.3125,
        0.3,
        0.285,
        0.27,
        0.2575,
        0.2425,
        0.2275,
        0.215,
        0.2,
        0.185,
        0.1725,
        0.1575,
        0.1425,
        0.1275,
        0.115,
        0.1,
        0.085,
        0.0725,
        0.0575,
        0.0425,
        0.03,
        0.015,
        0
    ],
    "SoftwareVersions": "syngo MR XA60",
    "SpacingBetweenSlices": 2.97,
    "StationName": "AWP166048",
    "TaskName": "mid",
    "TotalReadoutTime": 0.0193552,
    "TxRefAmp": 280.223,
    "Units": "Hz",
    "WipMemBlock": "1f49344f-f1e9-4f34-9b79-a0870b8d8106||Sequence: R017 nxva60a/main r/452845729; Apr 24 2025 10:56:00 by eja"
}