{
  "AcquisitionDuration": 303.897,
  "AcquisitionMatrixPE": 224,
  "AcquisitionNumber": 1,
  "AcquisitionTime": "19:42:56.205000",
  "BaseResolution": 224,
  "BidsGuess": [
    "anat",
    "_acq-tfl3p2_run-15_T1w"
],
  "BodyPartExamined": "BRAIN",
  "CoilCombinationMethod": "Adaptive Combine",
  "CoilString": "HeadNeck_20",
  "ConversionSoftware": "dcm2niix",
  "ConversionSoftwareVersion": "v1.0.20240202",
  "DeviceSerialNumber": "166048",
  "DwellTime": 1.06e-05,
  "EchoTime": 0.00217,
  "FlipAngle": 8,
  "FrequencyEncodingSteps": 224,
  "HeudiconvVersion": "1.3.3",
  "ImageComments": "Project: Smith-NOSC",
  "ImageOrientationPatientDICOM": [1, 0, 0, 0, 0.978693, -0.205329],
  "ImageType": [
    "ORIGINAL",
    "PRIMARY",
    "M",
    "NONE"
],
  "ImageTypeText": [
    "ORIGINAL",
    "PRIMARY",
    "M",
    "NORM",
    "DIS2D",
    "FM3",
 "2",
    "FIL"
],
  "ImagingFrequency": 123.249201,
  "InPlanePhaseEncodingDirectionDICOM": "COL",
  "InstitutionAddress": "North 13th 1701,Philadelphia,PA,US,19122",
  "InstitutionName": "Temple University - Weiss Hall",
  "InversionTime": 1.15,
  "MRAcquisitionType": "3D",
  "MTState": false,
  "MagneticFieldStrength": 3,
  "Manufacturer": "Siemens",
  "ManufacturersModelName": "MAGNETOM Prisma",
  "MatrixCoilMode": "GRAPPA",
  "Modality": "MR",
  "NonlinearGradientCorrection": true,
  "ParallelAcquisitionTechnique": "GRAPPA",
  "ParallelReductionFactorInPlane": 2,
  "PartialFourier": 1,
  "PatientPosition": "HFS",
  "PercentPhaseFOV": 100,
  "PercentSampling": 100,
  "PhaseEncodingSteps": 224,
  "PhaseEncodingStepsOutOfPlane": 192,
  "PhaseResolution": 1,
  "PixelBandwidth": 211,
  "ProtocolName": "T1w-anat_mpg_07sag_iso_Mood-Induction",
  "PulseSequenceDetails": "%SiemensSeq%\\tfl",
  "PulseSequenceName": "*tfl3d1_192ns",
  "ReceiveCoilActiveElements": "HE1-4;NE1,2",
  "ReceiveCoilName": "HeadNeck_20",
  "ReconMatrixPE": 224,
  "RefLinesPE": 32,
  "RepetitionTime": 2.4,
  "ScanOptions": "IR\\WE",
  "ScanningSequence": "GR\\IR",
  "SequenceVariant": "SK\\SP\\MP",
  "SeriesDescription": "T1w-anat_mpg_07sag_iso_Mood-Induction",
  "SeriesNumber": 15,
  "ShimSetting": [3005, -11868, 6786, 257, -51, -450, 4, 54],
  "SliceThickness": 1,
  "SoftwareVersions": "syngo MR XA60",
  "StationName": "AWP166048",
  "TxRefAmp": 268.469}