{
    "AcquisitionDuration": 482.69,
    "AcquisitionMatrixPE": 80,
    "AcquisitionNumber": 1,
    "AcquisitionTime": "21:02:43.917500",
    "BandwidthPerPixelPhaseEncode": 51.02,
    "BaseResolution": 80,
    "BidsGuess": [
        "func",
        "_acq-epfid2p2_dir-AP_run-10_echo-1_bold"
    ],
    "BodyPartExamined": "BRAIN",
    "CoilCombinationMethod": "Sum of Squares",
    "CoilString": "HeadNeck_20",
    "ConversionSoftware": "dcm2niix",
    "ConversionSoftwareVersion": "v1.0.20240202",
    "DerivedVendorReportedEchoSpacing": 0.000490004,
    "DeviceSerialNumber": "166048",
    "DwellTime": 2.5e-06,
    "EchoNumber": 1,
    "EchoTime": 0.0138,
    "EchoTrainLength": 34,
    "EffectiveEchoSpacing": 0.000245002,
    "FlipAngle": 50,
    "FrequencyEncodingSteps": 80,
    "HeudiconvVersion": "1.3.3",
    "ImageComments": "Project: Smith-NOSC, Single-band reference SENSE1++",
    "ImageOrientationPatientDICOM": [
        1,
        0,
        0,
        0,
        1,
        0
    ],
    "ImageType": [
        "ORIGINAL",
        "PRIMARY",
        "FMRI",
        "NONE"
    ],
    "ImageTypeText": [
        "ORIGINAL",
        "PRIMARY",
        "M",
        "TE1",
        "NORM",
        "DIS2D"
    ],
    "ImagingFrequency": 123.249172,
    "InPlanePhaseEncodingDirectionDICOM": "COL",
    "InstitutionAddress": "North 13th 1701,Philadelphia,PA,US,19122",
    "InstitutionName": "Temple University - Weiss Hall",
    "MRAcquisitionType": "2D",
    "MTState": false,
    "MagneticFieldStrength": 3,
    "Manufacturer": "Siemens",
    "ManufacturersModelName": "MAGNETOM Prisma",
    "MatrixCoilMode": "GRAPPA",
    "Modality": "MR",
    "NonlinearGradientCorrection": true,
    "ParallelAcquisitionTechnique": "GRAPPA",
    "ParallelReductionFactorInPlane": 2,
    "PartialFourier": 0.875,
    "PartialFourierDirection": "PHASE",
    "PatientPosition": "HFS",
    "PercentPhaseFOV": 100,
    "PercentSampling": 100,
    "PhaseEncodingDirection": "j-",
    "PhaseEncodingSteps": 80,
    "PhaseResolution": 1,
    "PixelBandwidth": 2500,
    "ProtocolName": "task-SharedReward_run1_CMRR_MB3_IP2_ME4_TR1615",
    "PulseSequenceDetails": "%CustomerSeq%\\cmrr_mbep2d_bold",
    "PulseSequenceName": "epfid2d4_80",
    "ReceiveCoilActiveElements": "HE1-4",
    "ReceiveCoilName": "HeadNeck_20",
    "ReconMatrixPE": 80,
    "RefLinesPE": 58,
    "RepetitionTime": 1.615,
    "ScanOptions": "PFP\\FS",
    "ScanningSequence": "EP",
    "SequenceVariant": "SK\\SS",
    "SeriesDescription": "task-SharedReward_run1_CMRR_MB3_IP2_ME4_TR1615_SBRef",
    "SeriesNumber": 10,
    "ShimSetting": [
        3019,
        -11903,
        6827,
        654,
        -87,
        -278,
        321,
        0
    ],
    "SliceThickness": 2.7,
    "SliceTiming": [
        0.71,
        0.6975,
        0.6825,
        0.6675,
        0.655,
        0.64,
        0.625,
        0.6125,
        0.5975,
        0.5825,
        0.5675,
        0.555,
        0.54,
        0.525,
        0.5125,
        0.4975,
        0.4825,
        0.47,
        0.455,
        0.44,
        0.425,
        0.4125,
        0.3975,
        0.3825,
        0.37,
        0.355,
        0.34,
        0.3275,
        0.3125,
        0.2975,
        0.2825,
        0.27,
        0.255,
        0.24,
        0.2275,
        0.2125,
        0.1975,
        0.185,
        0.17,
        0.155,
        0.1425,
        0.1275,
        0.1125,
        0.0975,
        0.085,
        0.07,
        0.055,
        0.0425,
        0.0275,
        0.0125,
        0
    ],
    "SoftwareVersions": "syngo MR XA30",
    "SpacingBetweenSlices": 2.97,
    "StationName": "AWP166048",
    "TaskName": "sharedreward",
    "TotalReadoutTime": 0.0193552,
    "TxRefAmp": 255.572,
    "Units": "Hz",
    "WipMemBlock": "085b1db0-349f-4b1c-92e5-0f945bf98c02||Sequence: R017 nxva30a/master r/d8d65e45a; Feb 10 2025 13:35:02 by eja"
}