{
    "AcquisitionMatrixPE": 80,
    "AcquisitionNumber": 1,
    "AcquisitionTime": "20:44:48.537500",
    "BandwidthPerPixelPhaseEncode": 51.02,
    "BaseResolution": 80,
    "BidsGuess": [
        "func",
        "_acq-epfid2p2_dir-AP_run-23_echo-1_part-phase_bold"
    ],
    "BodyPartExamined": "BRAIN",
    "CoilCombinationMethod": "Sum of Squares",
    "CoilString": "HeadNeck_20",
    "ConversionSoftware": "dcm2niix",
    "ConversionSoftwareVersion": "v1.0.20240202",
    "DerivedVendorReportedEchoSpacing": 0.000490004,
    "DeviceSerialNumber": "166048",
    "DwellTime": 2.5e-06,
    "EchoNumber": 1,
    "EchoTime": 0.0138,
    "EchoTime1": 0.0138,
    "EchoTime2": 0.03154,
    "EchoTrainLength": 34,
    "EffectiveEchoSpacing": 0.000245002,
    "FlipAngle": 50,
    "FrequencyEncodingSteps": 80,
    "HeudiconvVersion": "1.3.3",
    "ImageComments": "Not for diagnostic use, Project: Smith-NOSC, Unaliased MB3/PE4/LB SENSE1++",
    "ImageOrientationPatientDICOM": [
        1,
        8.70013e-08,
        2.31387e-08,
        -8.07634e-08,
        0.980529,
        -0.196376
    ],
    "ImageType": [
        "ORIGINAL",
        "PRIMARY",
        "FMRI",
        "NONE",
        "PHASE"
    ],
    "ImageTypeText": [
        "ORIGINAL",
        "PRIMARY",
        "P",
        "MB",
        "TE1",
        "ND"
    ],
    "ImagingFrequency": 123.248996,
    "InPlanePhaseEncodingDirectionDICOM": "COL",
    "InstitutionAddress": "North 13th 1701,Philadelphia,PA,US,19122",
    "InstitutionName": "Temple University - Weiss Hall",
    "MRAcquisitionType": "2D",
    "MTState": false,
    "MagneticFieldStrength": 3,
    "Manufacturer": "Siemens",
    "ManufacturersModelName": "MAGNETOM Prisma",
    "MatrixCoilMode": "GRAPPA",
    "Modality": "MR",
    "NonlinearGradientCorrection": false,
    "ParallelAcquisitionTechnique": "GRAPPA",
    "ParallelReductionFactorInPlane": 2,
    "PartialFourier": 0.875,
    "PartialFourierDirection": "PHASE",
    "PatientPosition": "HFS",
    "PercentPhaseFOV": 100,
    "PercentSampling": 100,
    "PhaseEncodingDirection": "j-",
    "PhaseEncodingSteps": 80,
    "PhaseResolution": 1,
    "PixelBandwidth": 2500,
    "ProtocolName": "task-MID_run2_CMRR_MB3_IP2_ME4_TR1615",
    "PulseSequenceDetails": "%CustomerSeq%\\cmrr_mbep2d_bold",
    "PulseSequenceName": "epfid2d4_80",
    "ReceiveCoilActiveElements": "HE1-4;NE1,2",
    "ReceiveCoilName": "HeadNeck_20",
    "ReconMatrixPE": 80,
    "RefLinesPE": 58,
    "RepetitionTime": 1.615,
    "ScanOptions": "PFP\\FS",
    "ScanningSequence": "EP",
    "SequenceVariant": "SK\\SS",
    "SeriesDescription": "task-MID_run2_CMRR_MB3_IP2_ME4_TR1615_Pha",
    "SeriesNumber": 23,
    "ShimSetting": [
        3025,
        -11814,
        6743,
        349,
        69,
        -286,
        13,
        -15
    ],
    "SliceThickness": 2.7,
    "SliceTiming": [
        1.5025,
        1.4075,
        1.315,
        1.22,
        1.1275,
        1.0325,
        0.94,
        0.845,
        0.7525,
        0.6575,
        0.5625,
        0.47,
        0.375,
        0.2825,
        0.1875,
        0.095,
        0,
        1.5025,
        1.4075,
        1.315,
        1.22,
        1.1275,
        1.0325,
        0.94,
        0.845,
        0.7525,
        0.6575,
        0.5625,
        0.47,
        0.375,
        0.2825,
        0.1875,
        0.095,
        0,
        1.5025,
        1.4075,
        1.315,
        1.22,
        1.1275,
        1.0325,
        0.94,
        0.845,
        0.7525,
        0.6575,
        0.5625,
        0.47,
        0.375,
        0.2825,
        0.1875,
        0.095,
        0
    ],
    "SoftwareVersions": "syngo MR XA60",
    "SpacingBetweenSlices": 2.97,
    "StationName": "AWP166048",
    "TaskName": "mid",
    "TotalReadoutTime": 0.0193552,
    "TxRefAmp": 269.094,
    "Units": "arbitrary",
    "WipMemBlock": "15e84a2c-383b-4d61-8a49-fd1b9dc83da0||Sequence: R017 nxva60a/main r/452845729; Apr 24 2025 10:56:00 by eja"
}